GEM
  remote: https://rubygems.org/
  specs:
    dotenv (2.1.1)
    faraday (0.10.1)
      multipart-post (>= 1.2, < 3)
    faraday_middleware (0.10.1)
      faraday (>= 0.7.4, < 1.0)
    hashie (3.4.6)
    mail (2.6.4)
      mime-types (>= 1.16, < 4)
    mercury_parser (0.0.1)
      faraday (~> 0.9)
      faraday_middleware (~> 0.9)
      hashie (~> 3.2)
      multi_json (~> 1.10)
      multi_xml (~> 0.5)
    mime-types (3.1)
      mime-types-data (~> 3.2015)
    mime-types-data (3.2016.0521)
    multi_json (1.12.1)
    multi_xml (0.6.0)
    multipart-post (2.0.0)
    rake (12.0.0)

PLATFORMS
  ruby

DEPENDENCIES
  dotenv
  mail
  mercury_parser
  rake

BUNDLED WITH
   1.13.7
