GEM
  remote: https://rubygems.org/
  specs:
    builder (3.2.2)
    dotenv (2.1.1)
    eeepub (0.8.1)
      builder
      rubyzip
    mail (2.6.4)
      mime-types (>= 1.16, < 4)
    mime-types (3.1)
      mime-types-data (~> 3.2015)
    mime-types-data (3.2016.0521)
    rake (11.2.2)
    rubyzip (1.2.0)

PLATFORMS
  ruby

DEPENDENCIES
  dotenv
  eeepub
  mail
  rake

BUNDLED WITH
   1.12.5
